GIT
  remote: git://github.com/lostapathy/yaml_db.git
  revision: 98e9a5dca43e3fedd3268c76a73af40d1bdf1dfd
  specs:
    yaml_db (0.2.2)

GIT
  remote: git://github.com/oneiros/localized_language_select.git
  revision: 12aba5fb945cf50ea3919b3ae774d9205a6cfcc4
  specs:
    localized_language_select (0.2.0)
      rails (>= 2.3.5)
      rails (>= 2.3.5)

GEM
  remote: http://rubygems.org/
  specs:
    Ascii85 (1.0.1)
    actionmailer (3.2.5)
      actionpack (= 3.2.5)
      mail (~> 2.4.4)
    actionpack (3.2.5)
      activemodel (= 3.2.5)
      activesupport (= 3.2.5)
      builder (~> 3.0.0)
      erubis (~> 2.7.0)
      journey (~> 1.0.1)
      rack (~> 1.4.0)
      rack-cache (~> 1.2)
      rack-test (~> 0.6.1)
      sprockets (~> 2.1.3)
    activemodel (3.2.5)
      activesupport (= 3.2.5)
      builder (~> 3.0.0)
    activerecord (3.2.5)
      activemodel (= 3.2.5)
      activesupport (= 3.2.5)
      arel (~> 3.0.2)
      tzinfo (~> 0.3.29)
    activeresource (3.2.5)
      activemodel (= 3.2.5)
      activesupport (= 3.2.5)
    activesupport (3.2.5)
      i18n (~> 0.6)
      multi_json (~> 1.0)
    acts_as_commentable (3.0.1)
    acts_as_indexed (0.7.8)
    ansi (1.4.2)
    archive-tar-minitar (0.5.2)
    arel (3.0.2)
    barista (1.2.1)
      coffee-script (~> 2.2)
    bcrypt-ruby (3.0.1)
    builder (3.0.0)
    cocaine (0.2.1)
    cocoon (1.0.17)
    coffee-rails (3.2.2)
      coffee-script (>= 2.2.0)
      railties (~> 3.2.0)
    coffee-script (2.2.0)
      coffee-script-source
      execjs
    coffee-script-source (1.2.0)
    columnize (0.3.6)
    commonjs (0.2.5)
    erubis (2.7.0)
    execjs (1.3.0)
      multi_json (~> 1.0)
    factory_girl (2.1.2)
      activesupport
    factory_girl_rails (1.2.0)
      factory_girl (~> 2.1.0)
      railties (>= 3.0.0)
    formtastic (2.0.2)
      rails (~> 3.0)
    formtastic-bootstrap (1.1.1)
      formtastic
      rails (~> 3.1)
    gravatar-ultimate (1.0.3)
    haml (3.1.4)
    hike (1.2.1)
    hpricot (0.8.6)
    i18n (0.6.0)
    journey (1.0.3)
    jquery-rails (1.0.19)
      railties (~> 3.0)
      thor (~> 0.14)
    json (1.7.3)
    less (2.0.11)
      commonjs (~> 0.2.0)
      therubyracer (~> 0.9.9)
    less-rails (2.1.8)
      actionpack (>= 3.1)
      less (~> 2.0.7)
    libv8 (3.3.10.4)
    linecache (0.46)
      rbx-require-relative (> 0.0.4)
    linecache19 (0.5.12)
      ruby_core_source (>= 0.1.4)
    mail (2.4.4)
      i18n (>= 0.4.0)
      mime-types (~> 1.16)
      treetop (~> 1.4.8)
    mime-types (1.18)
    minitest (2.11.4)
    multi_json (1.3.6)
    nokogiri (1.5.2)
    paper_trail (2.3.3)
      rails (~> 3)
    paperclip (2.5.2)
      activemodel (>= 3.0.0)
      activerecord (>= 3.0.0)
      activesupport (>= 3.0.0)
      cocaine (>= 0.0.2)
      mime-types
    pdf-reader (1.1.0)
      Ascii85 (~> 1.0.0)
      ruby-rc4
    polyamorous (0.5.0)
      activerecord (~> 3.0)
    polyglot (0.3.3)
    prawn (0.12.0)
      pdf-reader (>= 0.9.0)
      ttfunk (~> 1.0.2)
    prawn_rails (0.0.8)
      prawn (>= 0.11.1)
      rails (>= 3.0.0)
    rack (1.4.1)
    rack-cache (1.2)
      rack (>= 0.4)
    rack-ssl (1.3.2)
      rack
    rack-test (0.6.1)
      rack (>= 1.0)
    rails (3.2.5)
      actionmailer (= 3.2.5)
      actionpack (= 3.2.5)
      activerecord (= 3.2.5)
      activeresource (= 3.2.5)
      activesupport (= 3.2.5)
      bundler (~> 1.0)
      railties (= 3.2.5)
    railties (3.2.5)
      actionpack (= 3.2.5)
      activesupport (= 3.2.5)
      rack-ssl (~> 1.3.2)
      rake (>= 0.8.7)
      rdoc (~> 3.4)
      thor (>= 0.14.6, < 2.0)
    rake (0.9.2.2)
    ransack (0.6.0)
      actionpack (~> 3.0)
      activerecord (~> 3.0)
      polyamorous (~> 0.5.0)
    rbx-require-relative (0.0.9)
    rdoc (3.12)
      json (~> 1.4)
    ri_cal (0.8.8)
    ruby-debug (0.10.4)
      columnize (>= 0.1)
      ruby-debug-base (~> 0.10.4.0)
    ruby-debug-base (0.10.4)
      linecache (>= 0.3)
    ruby-debug-base19 (0.11.25)
      columnize (>= 0.3.1)
      linecache19 (>= 0.5.11)
      ruby_core_source (>= 0.1.4)
    ruby-debug19 (0.11.6)
      columnize (>= 0.3.1)
      linecache19 (>= 0.5.11)
      ruby-debug-base19 (>= 0.11.19)
    ruby-rc4 (0.1.5)
    ruby_core_source (0.1.5)
      archive-tar-minitar (>= 0.5.2)
    sass (3.1.19)
    sass-rails (3.2.5)
      railties (~> 3.2.0)
      sass (>= 3.1.10)
      tilt (~> 1.3)
    settingslogic (2.0.8)
    shotgun (0.9)
      rack (>= 1.0)
    sprockets (2.1.3)
      hike (~> 1.2)
      rack (~> 1.0)
      tilt (~> 1.1, != 1.3.0)
    sqlite3 (1.3.5)
    therubyracer (0.9.10)
      libv8 (~> 3.3.10)
    thor (0.15.2)
    tilt (1.3.3)
    transitions (0.0.13)
    treetop (1.4.10)
      polyglot
      polyglot (>= 0.3.1)
    ttfunk (1.0.3)
    turn (0.9.4)
      ansi
    twitter-bootstrap-rails (1.4.1)
      actionpack
      jquery-rails (~> 1.0)
      less
      less-rails (~> 2.1.0)
      railties
    tzinfo (0.3.33)
    uglifier (1.2.4)
      execjs (>= 0.3.0)
      multi_json (>= 1.0.2)
    will_paginate (3.0.3)

PLATFORMS
  ruby

DEPENDENCIES
  acts_as_commentable
  acts_as_indexed
  barista
  bcrypt-ruby
  cocoon
  coffee-rails (~> 3.2.0)
  factory_girl_rails (~> 1.2.0)
  formtastic (~> 2.0.2)
  formtastic-bootstrap
  gravatar-ultimate
  haml
  hpricot
  jquery-rails
  json
  localized_language_select (= 0.2.0)!
  minitest
  nokogiri
  paper_trail (= 2.3.3)
  paperclip (< 3.0)
  prawn
  prawn_rails
  rails (= 3.2.5)
  ransack
  ri_cal
  ruby-debug
  ruby-debug19
  sass-rails (~> 3.2.0)
  settingslogic
  shotgun
  sqlite3
  therubyracer
  transitions
  turn
  twitter-bootstrap-rails (< 1.9)
  uglifier
  will_paginate
  yaml_db!
